GEM
  remote: https://rubygems.org/
  specs:
    childprocess (0.9.0)
      ffi (~> 1.0, >= 1.0.11)
    ffi (1.9.25)
    mini_portile2 (2.3.0)
    nokogiri (1.8.5)
      mini_portile2 (~> 2.3.0)
    regexp_parser (1.3.0)
    rubyzip (1.2.2)
    selenium-webdriver (3.141.0)
      childprocess (~> 0.5)
      rubyzip (~> 1.2, >= 1.2.2)
    watir (6.15.1)
      regexp_parser (~> 1.2)
      selenium-webdriver (~> 3.4, >= 3.4.1)
    webdrivers (3.4.3)
      nokogiri (~> 1.6)
      rubyzip (~> 1.0)
      selenium-webdriver (~> 3.0)

PLATFORMS
  ruby

DEPENDENCIES
  watir
  webdrivers

BUNDLED WITH
   1.16.2
