GEM
  remote: https://rubygems.org/
  specs:
    childprocess (0.9.0)
      ffi (~> 1.0, >= 1.0.11)
    ffi (1.10.0)
    mimemagic (0.3.3)
    mini_portile2 (2.4.0)
    net_http_ssl_fix (0.0.10)
    nokogiri (1.10.1)
      mini_portile2 (~> 2.4.0)
    regexp_parser (1.3.0)
    ruby-vips (2.0.13)
      ffi (~> 1.9)
    rubyzip (1.2.2)
    selenium-webdriver (3.141.0)
      childprocess (~> 0.5)
      rubyzip (~> 1.2, >= 1.2.2)
    watir (6.16.5)
      regexp_parser (~> 1.2)
      selenium-webdriver (~> 3.6)
    webdrivers (3.6.0)
      net_http_ssl_fix
      nokogiri (~> 1.6)
      rubyzip (~> 1.0)
      selenium-webdriver (~> 3.0)

PLATFORMS
  ruby

DEPENDENCIES
  mimemagic
  ruby-vips
  watir
  webdrivers

RUBY VERSION
   ruby 2.5.1p57

BUNDLED WITH
   1.17.2
